STORAGE: NONE
NUGET
  remote: https://daily.websharper.com/nuget
    WebSharper (4.5.0.290)
    WebSharper.FSharp (4.5.0.290)
      WebSharper (4.5.0.290)

GROUP build
RESTRICTION: == net45
NUGET
  remote: https://api.nuget.org/v3/index.json
    Chessie (0.6)
      FSharp.Core
    FAKE (5.3)
    FSharp.Compiler.Tools (10.0.2)
    FSharp.Core (4.5.2)
    Mono.Cecil (0.10)
    Newtonsoft.Json (11.0.2)
    Paket.Core (5.173.1)
      Chessie (>= 0.6)
      FSharp.Compiler.Tools
      FSharp.Core
      Mono.Cecil (>= 0.10.0-beta6)
      Newtonsoft.Json

GROUP includes

GITHUB
  remote: dotnet-websharper/websharper
    src/htmllib/tags.csv (1b6b067172e7e91cae0d92fc632a024405f60a3e)
GROUP wsbuild

GIT
  remote: https://github.com/dotnet-websharper/build-script
     (ba0f9d10f68ae96f0784f07548863a3c0bb1ee6f)