STORAGE: NONE
STRATEGY: MIN
RESTRICTION: || (== net50) (== netcoreapp2.1) (== netcoreapp3.1) (== netstandard2.0)
NUGET
  remote: https://api.nuget.org/v3/index.json
    FSharp.Core (5.0)
    Microsoft.AspNetCore.Http.Abstractions (2.0)
      Microsoft.AspNetCore.Http.Features (>= 2.0)
      System.Text.Encodings.Web (>= 4.4)
    Microsoft.AspNetCore.Http.Features (2.0)
      Microsoft.Extensions.Primitives (>= 2.0)
    Microsoft.AspNetCore.Mvc.Abstractions (2.0)
      Microsoft.AspNetCore.Routing.Abstractions (>= 2.0)
      Microsoft.Net.Http.Headers (>= 2.0)
    Microsoft.AspNetCore.Routing.Abstractions (2.0)
      Microsoft.AspNetCore.Http.Abstractions (>= 2.0)
    Microsoft.Extensions.Primitives (2.0)
      System.Runtime.CompilerServices.Unsafe (>= 4.4)
    Microsoft.Net.Http.Headers (2.0)
      Microsoft.Extensions.Primitives (>= 2.0)
      System.Buffers (>= 4.4)
    Microsoft.NETCore.Platforms (5.0) - restriction: || (== net50) (== netcoreapp2.1) (== netcoreapp3.1) (&& (== netstandard2.0) (>= netcoreapp2.0)) (&& (== netstandard2.0) (>= netcoreapp2.1)) (&& (== netstandard2.0) (>= netcoreapp3.0))
    Microsoft.Win32.SystemEvents (5.0) - restriction: || (== net50) (&& (== netcoreapp2.1) (>= netcoreapp3.0)) (== netcoreapp3.1) (&& (== netstandard2.0) (>= netcoreapp3.0))
      Microsoft.NETCore.Platforms (>= 5.0) - restriction: || (== net50) (== netcoreapp2.1) (== netcoreapp3.1) (&& (== netstandard2.0) (>= netcoreapp2.0))
    System.Buffers (4.5.1)
    System.Configuration.ConfigurationManager (5.0)
      System.Security.Cryptography.ProtectedData (>= 5.0)
      System.Security.Permissions (>= 5.0)
    System.Drawing.Common (5.0) - restriction: || (== net50) (&& (== netcoreapp2.1) (>= netcoreapp3.0)) (== netcoreapp3.1) (&& (== netstandard2.0) (>= netcoreapp3.0))
      Microsoft.Win32.SystemEvents (>= 5.0) - restriction: || (== net50) (== netcoreapp2.1) (== netcoreapp3.1) (&& (== netstandard2.0) (>= netcoreapp2.0)) (&& (== netstandard2.0) (>= netcoreapp3.0))
    System.Memory (4.5.4) - restriction: || (&& (== net50) (< netcoreapp2.1)) (&& (== netcoreapp3.1) (< netcoreapp2.1)) (== netstandard2.0)
      System.Buffers (>= 4.5.1) - restriction: || (&& (== net50) (>= monotouch)) (&& (== net50) (>= net461)) (&& (== net50) (< netcoreapp2.0)) (&& (== net50) (< netstandard1.1)) (&& (== net50) (< netstandard2.0)) (&& (== net50) (>= xamarinios)) (&& (== net50) (>= xamarinmac)) (&& (== net50) (>= xamarintvos)) (&& (== net50) (>= xamarinwatchos)) (&& (== netcoreapp2.1) (>= monotouch)) (&& (== netcoreapp2.1) (>= net461)) (&& (== netcoreapp2.1) (< netcoreapp2.0)) (&& (== netcoreapp2.1) (< netstandard1.1)) (&& (== netcoreapp2.1) (< netstandard2.0)) (&& (== netcoreapp2.1) (>= xamarinios)) (&& (== netcoreapp2.1) (>= xamarinmac)) (&& (== netcoreapp2.1) (>= xamarintvos)) (&& (== netcoreapp2.1) (>= xamarinwatchos)) (&& (== netcoreapp3.1) (>= monotouch)) (&& (== netcoreapp3.1) (>= net461)) (&& (== netcoreapp3.1) (< netcoreapp2.0)) (&& (== netcoreapp3.1) (< netstandard1.1)) (&& (== netcoreapp3.1) (< netstandard2.0)) (&& (== netcoreapp3.1) (>= xamarinios)) (&& (== netcoreapp3.1) (>= xamarinmac)) (&& (== netcoreapp3.1) (>= xamarintvos)) (&& (== netcoreapp3.1) (>= xamarinwatchos)) (== netstandard2.0)
      System.Numerics.Vectors (>= 4.4) - restriction: || (&& (== net50) (< netcoreapp2.0)) (&& (== netcoreapp2.1) (< netcoreapp2.0)) (&& (== netcoreapp3.1) (< netcoreapp2.0)) (== netstandard2.0)
      System.Runtime.CompilerServices.Unsafe (>= 4.5.3) - restriction: || (&& (== net50) (>= monotouch)) (&& (== net50) (>= net461)) (&& (== net50) (< netcoreapp2.0)) (&& (== net50) (< netcoreapp2.1)) (&& (== net50) (< netstandard1.1)) (&& (== net50) (< netstandard2.0)) (&& (== net50) (>= uap10.1)) (&& (== net50) (>= xamarinios)) (&& (== net50) (>= xamarinmac)) (&& (== net50) (>= xamarintvos)) (&& (== net50) (>= xamarinwatchos)) (&& (== netcoreapp2.1) (>= monotouch)) (&& (== netcoreapp2.1) (>= net461)) (&& (== netcoreapp2.1) (< netcoreapp2.0)) (&& (== netcoreapp2.1) (< netstandard1.1)) (&& (== netcoreapp2.1) (< netstandard2.0)) (&& (== netcoreapp2.1) (>= uap10.1)) (&& (== netcoreapp2.1) (>= xamarinios)) (&& (== netcoreapp2.1) (>= xamarinmac)) (&& (== netcoreapp2.1) (>= xamarintvos)) (&& (== netcoreapp2.1) (>= xamarinwatchos)) (&& (== netcoreapp3.1) (>= monotouch)) (&& (== netcoreapp3.1) (>= net461)) (&& (== netcoreapp3.1) (< netcoreapp2.0)) (&& (== netcoreapp3.1) (< netcoreapp2.1)) (&& (== netcoreapp3.1) (< netstandard1.1)) (&& (== netcoreapp3.1) (< netstandard2.0)) (&& (== netcoreapp3.1) (>= uap10.1)) (&& (== netcoreapp3.1) (>= xamarinios)) (&& (== netcoreapp3.1) (>= xamarinmac)) (&& (== netcoreapp3.1) (>= xamarintvos)) (&& (== netcoreapp3.1) (>= xamarinwatchos)) (== netstandard2.0)
    System.Numerics.Vectors (4.4) - restriction: || (&& (== net50) (< netcoreapp2.0)) (&& (== netcoreapp3.1) (< netcoreapp2.0)) (== netstandard2.0)
    System.Reflection.Emit.ILGeneration (4.7) - restriction: || (&& (== net50) (< netcoreapp2.0) (< netstandard2.1)) (&& (== net50) (< netstandard2.0)) (&& (== net50) (< portable-net45+wp8)) (&& (== net50) (>= uap10.1)) (&& (== netcoreapp2.1) (< netcoreapp2.0)) (&& (== netcoreapp2.1) (< netstandard2.0)) (&& (== netcoreapp2.1) (< portable-net45+wp8)) (&& (== netcoreapp2.1) (>= uap10.1)) (&& (== netcoreapp3.1) (< netcoreapp2.0) (< netstandard2.1)) (&& (== netcoreapp3.1) (< netstandard2.0)) (&& (== netcoreapp3.1) (< portable-net45+wp8)) (&& (== netcoreapp3.1) (>= uap10.1)) (== netstandard2.0)
    System.Reflection.Emit.Lightweight (4.7)
      System.Reflection.Emit.ILGeneration (>= 4.7) - restriction: || (&& (== net50) (< netcoreapp2.0) (< netstandard2.1)) (&& (== net50) (< netstandard2.0)) (&& (== net50) (< portable-net45+wp8)) (&& (== net50) (>= uap10.1)) (&& (== netcoreapp2.1) (< netcoreapp2.0)) (&& (== netcoreapp2.1) (< netstandard2.0)) (&& (== netcoreapp2.1) (< portable-net45+wp8)) (&& (== netcoreapp2.1) (>= uap10.1)) (&& (== netcoreapp3.1) (< netcoreapp2.0) (< netstandard2.1)) (&& (== netcoreapp3.1) (< netstandard2.0)) (&& (== netcoreapp3.1) (< portable-net45+wp8)) (&& (== netcoreapp3.1) (>= uap10.1)) (== netstandard2.0)
    System.Runtime.CompilerServices.Unsafe (4.5.3)
    System.Security.AccessControl (5.0)
      Microsoft.NETCore.Platforms (>= 5.0) - restriction: || (== net50) (== netcoreapp2.1) (== netcoreapp3.1) (&& (== netstandard2.0) (>= netcoreapp2.0))
      System.Security.Principal.Windows (>= 5.0)
    System.Security.Cryptography.ProtectedData (5.0)
      System.Memory (>= 4.5.4) - restriction: || (&& (== net50) (< netcoreapp2.1)) (&& (== netcoreapp3.1) (< netcoreapp2.1)) (== netstandard2.0)
    System.Security.Permissions (5.0)
      System.Security.AccessControl (>= 5.0)
      System.Windows.Extensions (>= 5.0) - restriction: || (== net50) (&& (== netcoreapp2.1) (>= netcoreapp3.0)) (== netcoreapp3.1) (&& (== netstandard2.0) (>= netcoreapp3.0))
    System.Security.Principal.Windows (5.0)
      Microsoft.NETCore.Platforms (>= 5.0) - restriction: || (&& (== net50) (< netcoreapp2.1)) (&& (== net50) (< netcoreapp3.0)) (== netcoreapp2.1) (&& (== netcoreapp3.1) (< netcoreapp2.1)) (&& (== netcoreapp3.1) (< netcoreapp3.0)) (&& (== netstandard2.0) (>= netcoreapp2.0)) (&& (== netstandard2.0) (>= netcoreapp2.1))
    System.Text.Encodings.Web (4.4)
    System.Windows.Extensions (5.0) - restriction: || (== net50) (&& (== netcoreapp2.1) (>= netcoreapp3.0)) (== netcoreapp3.1) (&& (== netstandard2.0) (>= netcoreapp3.0))
      System.Drawing.Common (>= 5.0) - restriction: || (== net50) (&& (== netcoreapp2.1) (>= netcoreapp3.0)) (== netcoreapp3.1) (&& (== netstandard2.0) (>= netcoreapp3.0))
  remote: https://nuget.pkg.github.com/dotnet-websharper/index.json
    WebSharper (5.0.0.84-preview1)
      FSharp.Core (>= 5.0)
      Microsoft.AspNetCore.Mvc.Abstractions (>= 2.0)
      System.Configuration.ConfigurationManager (>= 5.0)
      System.Reflection.Emit.Lightweight (>= 4.7)
    WebSharper.FSharp (5.0.0.84-preview1)
      WebSharper (5.0.0.84-preview1)

GROUP testing
STORAGE: NONE
STRATEGY: MIN
RESTRICTION: || (== net50) (== netcoreapp2.1) (== netcoreapp3.1) (== netstandard2.0)
NUGET
  remote: https://api.nuget.org/v3/index.json
    FSharp.Core (5.0)
    Microsoft.AspNetCore.Http.Abstractions (2.0)
      Microsoft.AspNetCore.Http.Features (>= 2.0)
      System.Text.Encodings.Web (>= 4.4)
    Microsoft.AspNetCore.Http.Features (2.0)
      Microsoft.Extensions.Primitives (>= 2.0)
    Microsoft.AspNetCore.Mvc.Abstractions (2.0)
      Microsoft.AspNetCore.Routing.Abstractions (>= 2.0)
      Microsoft.Net.Http.Headers (>= 2.0)
    Microsoft.AspNetCore.Routing.Abstractions (2.0)
      Microsoft.AspNetCore.Http.Abstractions (>= 2.0)
    Microsoft.Extensions.Primitives (2.0)
      System.Runtime.CompilerServices.Unsafe (>= 4.4)
    Microsoft.Net.Http.Headers (2.0)
      Microsoft.Extensions.Primitives (>= 2.0)
      System.Buffers (>= 4.4)
    Microsoft.NETCore.Platforms (5.0) - restriction: || (== net50) (== netcoreapp2.1) (== netcoreapp3.1) (&& (== netstandard2.0) (>= netcoreapp2.0)) (&& (== netstandard2.0) (>= netcoreapp2.1)) (&& (== netstandard2.0) (>= netcoreapp3.0))
    Microsoft.Win32.SystemEvents (5.0) - restriction: || (== net50) (&& (== netcoreapp2.1) (>= netcoreapp3.0)) (== netcoreapp3.1) (&& (== netstandard2.0) (>= netcoreapp3.0))
      Microsoft.NETCore.Platforms (>= 5.0) - restriction: || (== net50) (== netcoreapp2.1) (== netcoreapp3.1) (&& (== netstandard2.0) (>= netcoreapp2.0))
    System.Buffers (4.5.1)
    System.Configuration.ConfigurationManager (5.0)
      System.Security.Cryptography.ProtectedData (>= 5.0)
      System.Security.Permissions (>= 5.0)
    System.Drawing.Common (5.0) - restriction: || (== net50) (&& (== netcoreapp2.1) (>= netcoreapp3.0)) (== netcoreapp3.1) (&& (== netstandard2.0) (>= netcoreapp3.0))
      Microsoft.Win32.SystemEvents (>= 5.0) - restriction: || (== net50) (== netcoreapp2.1) (== netcoreapp3.1) (&& (== netstandard2.0) (>= netcoreapp2.0)) (&& (== netstandard2.0) (>= netcoreapp3.0))
    System.Memory (4.5.4) - restriction: || (&& (== net50) (< netcoreapp2.1)) (&& (== netcoreapp3.1) (< netcoreapp2.1)) (== netstandard2.0)
      System.Buffers (>= 4.5.1) - restriction: || (&& (== net50) (>= monotouch)) (&& (== net50) (>= net461)) (&& (== net50) (< netcoreapp2.0)) (&& (== net50) (< netstandard1.1)) (&& (== net50) (< netstandard2.0)) (&& (== net50) (>= xamarinios)) (&& (== net50) (>= xamarinmac)) (&& (== net50) (>= xamarintvos)) (&& (== net50) (>= xamarinwatchos)) (&& (== netcoreapp2.1) (>= monotouch)) (&& (== netcoreapp2.1) (>= net461)) (&& (== netcoreapp2.1) (< netcoreapp2.0)) (&& (== netcoreapp2.1) (< netstandard1.1)) (&& (== netcoreapp2.1) (< netstandard2.0)) (&& (== netcoreapp2.1) (>= xamarinios)) (&& (== netcoreapp2.1) (>= xamarinmac)) (&& (== netcoreapp2.1) (>= xamarintvos)) (&& (== netcoreapp2.1) (>= xamarinwatchos)) (&& (== netcoreapp3.1) (>= monotouch)) (&& (== netcoreapp3.1) (>= net461)) (&& (== netcoreapp3.1) (< netcoreapp2.0)) (&& (== netcoreapp3.1) (< netstandard1.1)) (&& (== netcoreapp3.1) (< netstandard2.0)) (&& (== netcoreapp3.1) (>= xamarinios)) (&& (== netcoreapp3.1) (>= xamarinmac)) (&& (== netcoreapp3.1) (>= xamarintvos)) (&& (== netcoreapp3.1) (>= xamarinwatchos)) (== netstandard2.0)
      System.Numerics.Vectors (>= 4.4) - restriction: || (&& (== net50) (< netcoreapp2.0)) (&& (== netcoreapp2.1) (< netcoreapp2.0)) (&& (== netcoreapp3.1) (< netcoreapp2.0)) (== netstandard2.0)
      System.Runtime.CompilerServices.Unsafe (>= 4.5.3) - restriction: || (&& (== net50) (>= monotouch)) (&& (== net50) (>= net461)) (&& (== net50) (< netcoreapp2.0)) (&& (== net50) (< netcoreapp2.1)) (&& (== net50) (< netstandard1.1)) (&& (== net50) (< netstandard2.0)) (&& (== net50) (>= uap10.1)) (&& (== net50) (>= xamarinios)) (&& (== net50) (>= xamarinmac)) (&& (== net50) (>= xamarintvos)) (&& (== net50) (>= xamarinwatchos)) (&& (== netcoreapp2.1) (>= monotouch)) (&& (== netcoreapp2.1) (>= net461)) (&& (== netcoreapp2.1) (< netcoreapp2.0)) (&& (== netcoreapp2.1) (< netstandard1.1)) (&& (== netcoreapp2.1) (< netstandard2.0)) (&& (== netcoreapp2.1) (>= uap10.1)) (&& (== netcoreapp2.1) (>= xamarinios)) (&& (== netcoreapp2.1) (>= xamarinmac)) (&& (== netcoreapp2.1) (>= xamarintvos)) (&& (== netcoreapp2.1) (>= xamarinwatchos)) (&& (== netcoreapp3.1) (>= monotouch)) (&& (== netcoreapp3.1) (>= net461)) (&& (== netcoreapp3.1) (< netcoreapp2.0)) (&& (== netcoreapp3.1) (< netcoreapp2.1)) (&& (== netcoreapp3.1) (< netstandard1.1)) (&& (== netcoreapp3.1) (< netstandard2.0)) (&& (== netcoreapp3.1) (>= uap10.1)) (&& (== netcoreapp3.1) (>= xamarinios)) (&& (== netcoreapp3.1) (>= xamarinmac)) (&& (== netcoreapp3.1) (>= xamarintvos)) (&& (== netcoreapp3.1) (>= xamarinwatchos)) (== netstandard2.0)
    System.Numerics.Vectors (4.4) - restriction: || (&& (== net50) (< netcoreapp2.0)) (&& (== netcoreapp3.1) (< netcoreapp2.0)) (== netstandard2.0)
    System.Reflection.Emit.ILGeneration (4.7) - restriction: || (&& (== net50) (< netcoreapp2.0) (< netstandard2.1)) (&& (== net50) (< netstandard2.0)) (&& (== net50) (< portable-net45+wp8)) (&& (== net50) (>= uap10.1)) (&& (== netcoreapp2.1) (< netcoreapp2.0)) (&& (== netcoreapp2.1) (< netstandard2.0)) (&& (== netcoreapp2.1) (< portable-net45+wp8)) (&& (== netcoreapp2.1) (>= uap10.1)) (&& (== netcoreapp3.1) (< netcoreapp2.0) (< netstandard2.1)) (&& (== netcoreapp3.1) (< netstandard2.0)) (&& (== netcoreapp3.1) (< portable-net45+wp8)) (&& (== netcoreapp3.1) (>= uap10.1)) (== netstandard2.0)
    System.Reflection.Emit.Lightweight (4.7)
      System.Reflection.Emit.ILGeneration (>= 4.7) - restriction: || (&& (== net50) (< netcoreapp2.0) (< netstandard2.1)) (&& (== net50) (< netstandard2.0)) (&& (== net50) (< portable-net45+wp8)) (&& (== net50) (>= uap10.1)) (&& (== netcoreapp2.1) (< netcoreapp2.0)) (&& (== netcoreapp2.1) (< netstandard2.0)) (&& (== netcoreapp2.1) (< portable-net45+wp8)) (&& (== netcoreapp2.1) (>= uap10.1)) (&& (== netcoreapp3.1) (< netcoreapp2.0) (< netstandard2.1)) (&& (== netcoreapp3.1) (< netstandard2.0)) (&& (== netcoreapp3.1) (< portable-net45+wp8)) (&& (== netcoreapp3.1) (>= uap10.1)) (== netstandard2.0)
    System.Runtime.CompilerServices.Unsafe (4.5.3)
    System.Security.AccessControl (5.0)
      Microsoft.NETCore.Platforms (>= 5.0) - restriction: || (== net50) (== netcoreapp2.1) (== netcoreapp3.1) (&& (== netstandard2.0) (>= netcoreapp2.0))
      System.Security.Principal.Windows (>= 5.0)
    System.Security.Cryptography.ProtectedData (5.0)
      System.Memory (>= 4.5.4) - restriction: || (&& (== net50) (< netcoreapp2.1)) (&& (== netcoreapp3.1) (< netcoreapp2.1)) (== netstandard2.0)
    System.Security.Permissions (5.0)
      System.Security.AccessControl (>= 5.0)
      System.Windows.Extensions (>= 5.0) - restriction: || (== net50) (&& (== netcoreapp2.1) (>= netcoreapp3.0)) (== netcoreapp3.1) (&& (== netstandard2.0) (>= netcoreapp3.0))
    System.Security.Principal.Windows (5.0)
      Microsoft.NETCore.Platforms (>= 5.0) - restriction: || (&& (== net50) (== netstandard2.0)) (&& (== net50) (< netcoreapp2.1)) (&& (== net50) (< netcoreapp3.0)) (== netcoreapp2.1) (&& (== netcoreapp3.1) (== netstandard2.0)) (&& (== netcoreapp3.1) (< netcoreapp2.1)) (&& (== netcoreapp3.1) (< netcoreapp3.0)) (&& (== netstandard2.0) (>= netcoreapp2.0)) (&& (== netstandard2.0) (>= netcoreapp2.1))
    System.Text.Encodings.Web (4.4)
    System.Windows.Extensions (5.0) - restriction: || (== net50) (&& (== netcoreapp2.1) (>= netcoreapp3.0)) (== netcoreapp3.1) (&& (== netstandard2.0) (>= netcoreapp3.0))
      System.Drawing.Common (>= 5.0) - restriction: || (== net50) (&& (== netcoreapp2.1) (>= netcoreapp3.0)) (== netcoreapp3.1) (&& (== netstandard2.0) (>= netcoreapp3.0))
  remote: https://nuget.pkg.github.com/dotnet-websharper/index.json
    WebSharper (5.0.0.79-preview1)
      FSharp.Core (>= 5.0)
      Microsoft.AspNetCore.Mvc.Abstractions (>= 2.0)
      System.Configuration.ConfigurationManager (>= 5.0)
      System.Reflection.Emit.Lightweight (>= 4.7)
    WebSharper.FSharp (5.0.0.79-preview1)
      WebSharper (5.0.0.79-preview1)

GROUP wsbuild

GIT
  remote: https://github.com/dotnet-websharper/build-script
     (2f60eef2ce4b2ed9efdedf1727f1ca56df4ec76c)